ObjectType = Image
NDims = 3
BinaryData = True
BinaryDataByteOrderMSB = False
CompressedData = False
TransformMatrix = 1 0 0 0 1 0 0 0 1
Offset = 197.5 197.5 197.5
CenterOfRotation = 0 0 0
AnatomicalOrientation = ???
ElementSpacing = 5 5 5
DimSize = 21 21 21
ElementType = MET_FLOAT
ElementDataFile = Lu177_5mm.raw
